PATH
  remote: .
  specs:
    forever_style_guide (4.0.0)

GEM
  remote: https://rubygems.org/
  specs:
    concurrent-ruby (1.0.5)
    rack (2.2.2)
    sprockets (3.7.2)
      concurrent-ruby (~> 1.0)
      rack (> 1, < 3)

PLATFORMS
  ruby

DEPENDENCIES
  forever_style_guide!
  sprockets (~> 3.7.1)

BUNDLED WITH
   1.17.2
